GEM
  remote: https://rubygems.org/
  specs:
    CFPropertyList (2.2.8)
    colored (1.2)
    facter (2.4.0)
      CFPropertyList (~> 2.2.6)
    gemrat (0.4.6)
      colored (= 1.2)
    hiera (1.3.4)
      json_pure
    json_pure (1.8.2)
    puppet (3.7.4)
      facter (> 1.6, < 3)
      hiera (~> 1.0)
      json_pure

PLATFORMS
  ruby

DEPENDENCIES
  gemrat (= 0.4.6)
  puppet (= 3.7.4)
